PATH
  remote: .
  specs:
    blockcypher-ruby (0.1.0)
      bitcoin-ruby (~> 0.0.5)
      ffi

GEM
  remote: https://rubygems.org/
  specs:
    bitcoin-ruby (0.0.6)
    coderay (1.1.0)
    diff-lcs (1.2.5)
    ffi (1.9.8)
    method_source (0.8.2)
    pry (0.10.1)
      coderay (~> 1.1.0)
      method_source (~> 0.8.1)
      slop (~> 3.4)
    rake (10.4.2)
    rspec (3.2.0)
      rspec-core (~> 3.2.0)
      rspec-expectations (~> 3.2.0)
      rspec-mocks (~> 3.2.0)
    rspec-core (3.2.2)
      rspec-support (~> 3.2.0)
    rspec-expectations (3.2.0)
      diff-lcs (>= 1.2.0, < 2.0)
      rspec-support (~> 3.2.0)
    rspec-mocks (3.2.1)
      diff-lcs (>= 1.2.0, < 2.0)
      rspec-support (~> 3.2.0)
    rspec-support (3.2.2)
    slop (3.6.0)

PLATFORMS
  ruby

DEPENDENCIES
  blockcypher-ruby!
  bundler (~> 1.6)
  pry
  rake
  rspec

BUNDLED WITH
   1.10.4
